GEM
  remote: https://rubygems.org/
  specs:
    activesupport (7.0.4.3)
      concurrent-ruby (~> 1.0, >= 1.0.2)
      i18n (>= 1.6, < 2)
      minitest (>= 5.1)
      tzinfo (~> 2.0)
    coderay (1.1.3)
    concurrent-ruby (1.2.2)
    i18n (1.12.0)
      concurrent-ruby (~> 1.0)
    method_source (1.0.0)
    minitest (5.18.0)
    pry (0.14.2)
      coderay (~> 1.1)
      method_source (~> 1.0)
    sqlite3 (1.6.2-arm64-darwin)
    tzinfo (2.0.6)
      concurrent-ruby (~> 1.0)

PLATFORMS
  arm64-darwin-21

DEPENDENCIES
  activesupport
  pry
  sqlite3

BUNDLED WITH
   2.4.9
